GEM
  remote: https://rubygems.org/
  specs:
    minitest (5.18.0)
    rake (13.0.6)

PLATFORMS
  arm64-darwin-21
  arm64-darwin-22

DEPENDENCIES
  minitest (~> 5.15)
  rake (~> 13.0)

BUNDLED WITH
   2.3.7
