GEM
  remote: https://rubygems.org/
  specs:
    minitest (5.15.0)

PLATFORMS
  arm64-darwin-21

DEPENDENCIES
  minitest (~> 5.15)

BUNDLED WITH
   2.3.7
